GEM
  remote: https://rubygems.org/
  specs:
    chardet2 (1.0.1)
    coderay (1.1.0)
    json (1.8.1)
    method_source (0.8.2)
    pry (0.9.12.3)
      coderay (~> 1.0)
      method_source (~> 0.8)
      slop (~> 3.4)
    redis (3.0.6)
    slop (3.4.7)

PLATFORMS
  ruby

DEPENDENCIES
  chardet2
  json
  pry
  redis
