GEM
  remote: https://rubygems.org/
  specs:
    abstract_type (0.0.7)
    adamantium (0.1.0)
      ice_nine (~> 0.9)
      thread_safe (~> 0.1.2)
    atomic (1.1.14)
    axiom (0.1.1)
      abstract_type (~> 0.0.5)
      adamantium (~> 0.1)
      axiom-types (~> 0.0.3)
      descendants_tracker (~> 0.0.1)
      equalizer (~> 0.0.7)
    axiom-types (0.0.5)
      descendants_tracker (~> 0.0.1)
      ice_nine (~> 0.9)
    coderay (1.1.0)
    descendants_tracker (0.0.3)
    equalizer (0.0.8)
    ice_nine (0.10.0)
    json (1.8.1)
    method_source (0.8.2)
    pry (0.9.12.3)
      coderay (~> 1.0)
      method_source (~> 0.8)
      slop (~> 3.4)
    redis (3.0.6)
    slop (3.4.7)
    thread_safe (0.1.3)
      atomic

PLATFORMS
  ruby

DEPENDENCIES
  axiom
  json
  pry
  redis
