GEM
  remote: https://rubygems.org/
  specs:
    coderay (1.1.0)
    json (1.8.1)
    method_source (0.8.2)
    pg (0.17.0)
    pry (0.9.12.3)
      coderay (~> 1.0)
      method_source (~> 0.8)
      slop (~> 3.4)
    redis (3.0.6)
    sequel (4.5.0)
    slop (3.4.7)
    sqlite3 (1.3.8)

PLATFORMS
  ruby

DEPENDENCIES
  json
  pg
  pry
  redis
  sequel
  sqlite3
